PATH
  remote: ../rubidium
  specs:
    rubidium (0.1.0)
      erubis
      multi_json
      pry-byebug
      rack

GEM
  remote: http://rubygems.org/
  specs:
    byebug (10.0.2)
    coderay (1.1.2)
    erubis (2.7.0)
    method_source (0.9.2)
    multi_json (1.13.1)
    pry (0.12.2)
      coderay (~> 1.1.0)
      method_source (~> 0.9.0)
    pry-byebug (3.6.0)
      byebug (~> 10.0)
      pry (~> 0.10)
    rack (2.0.6)

PLATFORMS
  ruby

DEPENDENCIES
  rubidium!

BUNDLED WITH
   1.16.6
